GEM
  remote: https://rubygems.org/
  specs:

PLATFORMS
  x64-mingw-ucrt
  x86_64-darwin-23

DEPENDENCIES

BUNDLED WITH
   2.6.3
